PATH
  remote: .
  specs:
    demo_calculator (0.1.2)

GEM
  remote: https://rubygems.org/
  specs:
    rake (13.0.6)

PLATFORMS
  x86_64-linux

DEPENDENCIES
  demo_calculator!
  rake (~> 13.0)

BUNDLED WITH
   2.2.32
